PATH
  remote: .
  specs:
    hector-mercury (1.0.1)
      activesupport (~> 5.0.1)
      aws-sdk (>= 1.52.0, < 2)
      hector (~> 1.0.9)

GEM
  remote: https://rubygems.org/
  specs:
    activesupport (5.0.1)
      concurrent-ruby (~> 1.0, >= 1.0.2)
      i18n (~> 0.7)
      minitest (~> 5.1)
      tzinfo (~> 1.1)
    aws-sdk (1.66.0)
      aws-sdk-v1 (= 1.66.0)
    aws-sdk-v1 (1.66.0)
      json (~> 1.4)
      nokogiri (>= 1.4.4)
    concurrent-ruby (1.0.4)
    eventmachine (1.2.1)
    hector (1.0.9)
      eventmachine (>= 0.12.10)
    i18n (0.7.0)
    json (1.8.3)
    mini_portile2 (2.1.0)
    minitest (5.10.1)
    nokogiri (1.7.0.1)
      mini_portile2 (~> 2.1.0)
    thread_safe (0.3.5)
    tzinfo (1.2.2)
      thread_safe (~> 0.1)

PLATFORMS
  ruby

DEPENDENCIES
  hector-mercury!

BUNDLED WITH
   1.13.6
